GEM
  remote: http://rubygems.org/
  specs:
    json (2.5.1)
    mini_magick (4.11.0)
    mustermann (1.1.1)
      ruby2_keywords (~> 0.0.1)
    nio4r (2.5.8)
    puma (5.4.0)
      nio4r (~> 2.0)
    rack (2.2.3)
    rack-protection (2.1.0)
      rack
    ruby2_keywords (0.0.5)
    rubyzip (2.3.2)
    sinatra (2.1.0)
      mustermann (~> 1.0)
      rack (~> 2.2)
      rack-protection (= 2.1.0)
      tilt (~> 2.0)
    tilt (2.0.10)

PLATFORMS
  x86_64-darwin-19

DEPENDENCIES
  json
  mini_magick
  puma
  rubyzip
  sinatra

BUNDLED WITH
   2.2.15
